PATH
  remote: .
  specs:
    fakes3 (3.0.0)
      builder
      rexml
      sorted_set
      thor
      webrick
      xml-simple

GEM
  remote: https://rubygems.org/
  specs:
    aws-eventstream (1.2.0)
    aws-s3 (0.6.3)
      builder
      mime-types
      xml-simple
    aws-sdk (2.11.632)
      aws-sdk-resources (= 2.11.632)
    aws-sdk-core (2.11.632)
      aws-sigv4 (~> 1.0)
      jmespath (~> 1.0)
    aws-sdk-resources (2.11.632)
      aws-sdk-core (= 2.11.632)
    aws-sigv4 (1.5.2)
      aws-eventstream (~> 1, >= 1.0.2)
    builder (3.2.4)
    domain_name (0.5.20170404)
      unf (>= 0.0.5, < 1.0.0)
    http-cookie (1.0.3)
      domain_name (~> 0.5)
    jmespath (1.6.2)
    metaclass (0.0.4)
    mime-types (3.4.1)
      mime-types-data (~> 3.2015)
    mime-types-data (3.2023.0218.1)
    mocha (1.3.0)
      metaclass (~> 0.0.1)
    netrc (0.11.0)
    power_assert (2.0.3)
    rake (12.2.1)
    rbtree (0.4.6)
    rest-client (2.0.2)
      http-cookie (>= 1.0.2, < 2.0)
      mime-types (>= 1.16, < 4.0)
      netrc (~> 0.8)
    rexml (3.2.5)
    right_aws (3.1.0)
      right_http_connection (>= 1.2.5)
    right_http_connection (1.5.0)
    set (1.0.3)
    sorted_set (1.0.3)
      rbtree
      set (~> 1.0)
    test-unit (3.5.7)
      power_assert
    thor (1.2.1)
    unf (0.1.4)
      unf_ext
    unf_ext (0.0.7.4)
    webrick (1.8.1)
    xml-simple (1.1.9)
      rexml

PLATFORMS
  ruby

DEPENDENCIES
  aws-s3
  aws-sdk (~> 2)
  bundler (>= 1.0.0)
  fakes3!
  mocha
  rake
  rest-client
  right_aws
  test-unit

BUNDLED WITH
   1.16.2
